GEM
  remote: https://rubygems.org/
  specs:
    amq-protocol (2.1.0)
    bunny (2.6.5)
      amq-protocol (>= 2.1.0)
    commander (4.4.3)
      highline (~> 1.7.2)
    foreman (0.84.0)
      thor (~> 0.19.1)
    highline (1.7.8)
    houston (2.2.4)
      commander (~> 4.4)
      json
    json (2.1.0)
    serverengine (1.5.11)
      sigdump (~> 0.2.2)
    sigdump (0.2.4)
    sneakers (2.5.0)
      bunny (~> 2.6.4)
      serverengine (~> 1.5.11)
      thor
      thread (~> 0.1.7)
    thor (0.19.4)
    thread (0.1.7)

PLATFORMS
  ruby

DEPENDENCIES
  foreman
  houston
  json
  sneakers

BUNDLED WITH
   1.14.6
