GEM
  remote: https://rubygems.org/
  specs:
    amq-protocol (2.1.0)
    apnotic (1.1.0)
      connection_pool (~> 2.0)
      net-http2 (>= 0.15, < 2)
    bunny (2.6.5)
      amq-protocol (>= 2.1.0)
    connection_pool (2.2.1)
    foreman (0.84.0)
      thor (~> 0.19.1)
    http-2 (0.8.2)
    json (2.1.0)
    net-http2 (0.15.0)
      http-2 (= 0.8.2)
    serverengine (1.5.11)
      sigdump (~> 0.2.2)
    sigdump (0.2.4)
    sneakers (2.5.0)
      bunny (~> 2.6.4)
      serverengine (~> 1.5.11)
      thor
      thread (~> 0.1.7)
    thor (0.19.4)
    thread (0.1.7)

PLATFORMS
  ruby

DEPENDENCIES
  apnotic
  foreman
  json
  sneakers

BUNDLED WITH
   1.14.6
